GEM
  remote: https://rubygems.org/
  specs:
    json (2.0.2)
    ruby_cowsay (0.1.2)

PLATFORMS
  ruby

DEPENDENCIES
  json
  ruby_cowsay

BUNDLED WITH
   1.12.5
